GEM
  remote: http://rubygems.org/
  specs:
    daemons (1.1.8)
    eventmachine (0.12.10)
    json (1.7.0)
    mustermann (2.0.2)
      ruby2_keywords (~> 0.0.1)
    pg (0.13.2)
    rack (2.2.10)
    rack-protection (2.2.3)
      rack
    ruby2_keywords (0.0.5)
    sequel (3.35.0)
    sinatra (2.2.3)
      mustermann (~> 2.0)
      rack (~> 2.2)
      rack-protection (= 2.2.3)
      tilt (~> 2.0)
    sinatra-param (1.6.0)
      sinatra (>= 1.3)
    thin (1.3.1)
      daemons (>= 1.0.9)
      eventmachine (>= 0.12.6)
      rack (>= 1.0.0)
    tilt (2.4.0)

PLATFORMS
  ruby

DEPENDENCIES
  json
  pg
  sequel
  sinatra
  sinatra-param
  thin
